GIT
  remote: https://github.com/openstax/kitchen.git
  revision: ceb659b19af8a9c3788dac47490519e6193338ff
  ref: ceb659b19af8a9c3788dac47490519e6193338ff
  specs:
    kitchen (0.1.0)
      activesupport
      i18n
      nokogiri
      rainbow

GEM
  remote: https://rubygems.org/
  specs:
    activesupport (6.0.3.4)
      concurrent-ruby (~> 1.0, >= 1.0.2)
      i18n (>= 0.7, < 2)
      minitest (~> 5.1)
      tzinfo (~> 1.1)
      zeitwerk (~> 2.2, >= 2.2.2)
    byebug (11.1.3)
    concurrent-ruby (1.1.7)
    i18n (1.8.5)
      concurrent-ruby (~> 1.0)
    mini_portile2 (2.4.0)
    minitest (5.14.2)
    nokogiri (1.10.10)
      mini_portile2 (~> 2.4.0)
    rainbow (3.0.0)
    thread_safe (0.3.6)
    tzinfo (1.2.7)
      thread_safe (~> 0.1)
    zeitwerk (2.4.0)

PLATFORMS
  ruby

DEPENDENCIES
  byebug
  kitchen!

RUBY VERSION
   ruby 2.6.6p146

BUNDLED WITH
   2.1.4
